PATH
  remote: .
  specs:
    ruby-bugzilla (0.6.4)
      gruff (~> 0)
      highline
      rake (< 11.0)
      xmlrpc (~> 0.3.0)

GEM
  remote: https://rubygems.org/
  specs:
    ast (2.4.0)
    diff-lcs (1.3)
    gruff (0.7.0)
      rmagick (~> 2.13, >= 2.13.4)
    highline (1.7.10)
    parallel (1.12.1)
    parser (2.4.0.2)
      ast (~> 2.3)
    powerpack (0.1.1)
    rainbow (3.0.0)
    rake (10.5.0)
    rmagick (2.16.0)
    rspec (2.99.0)
      rspec-core (~> 2.99.0)
      rspec-expectations (~> 2.99.0)
      rspec-mocks (~> 2.99.0)
    rspec-core (2.99.2)
    rspec-expectations (2.99.2)
      diff-lcs (>= 1.1.3, < 2.0)
    rspec-mocks (2.99.4)
    rubocop (0.52.1)
      parallel (~> 1.10)
      parser (>= 2.4.0.2, < 3.0)
      powerpack (~> 0.1)
      rainbow (>= 2.2.2, < 4.0)
      ruby-progressbar (~> 1.7)
      unicode-display_width (~> 1.0, >= 1.0.1)
    ruby-progressbar (1.9.0)
    unicode-display_width (1.3.0)
    xmlrpc (0.3.0)

PLATFORMS
  ruby

DEPENDENCIES
  bundler (~> 1.0)
  rspec (~> 2.0)
  rubocop
  ruby-bugzilla!

BUNDLED WITH
   1.16.1
