PATH
  remote: .
  specs:
    ruby-bugzilla (0.6.4)
      gruff (~> 0)
      highline
      rake (< 11.0)
      xmlrpc

GEM
  remote: https://rubygems.org/
  specs:
    diff-lcs (1.3)
    gruff (0.7.0)
      rmagick (~> 2.13, >= 2.13.4)
    highline (1.7.10)
    rake (10.5.0)
    rmagick (2.16.0)
    rspec (2.99.0)
      rspec-core (~> 2.99.0)
      rspec-expectations (~> 2.99.0)
      rspec-mocks (~> 2.99.0)
    rspec-core (2.99.2)
    rspec-expectations (2.99.2)
      diff-lcs (>= 1.1.3, < 2.0)
    rspec-mocks (2.99.4)
    xmlrpc (0.3.0)

PLATFORMS
  ruby

DEPENDENCIES
  bundler (~> 1.0)
  rspec (~> 2.0)
  ruby-bugzilla!

BUNDLED WITH
   1.16.1
